GIT
  remote: git://github.com/Blargel/s3-swf-upload-plugin
  revision: 4b3fd4f6837c9312b4ddcc38af0d9797d40b26dd
  specs:
    s3_swf_upload (0.3.1)

GIT
  remote: git://github.com/lightyear/paperclip
  revision: 16c22840b8792cccba0b8c449c3bd024103fbf1f
  specs:
    paperclip (2.3.5)
      activerecord
      activesupport

GEM
  remote: https://rubygems.org/
  specs:
    actionmailer (3.1.12)
      actionpack (= 3.1.12)
      mail (~> 2.4.4)
    actionpack (3.1.12)
      activemodel (= 3.1.12)
      activesupport (= 3.1.12)
      builder (~> 3.0.0)
      erubis (~> 2.7.0)
      i18n (~> 0.6)
      rack (~> 1.3.6)
      rack-cache (~> 1.2)
      rack-mount (~> 0.8.2)
      rack-test (~> 0.6.1)
      sprockets (~> 2.0.4)
    activemodel (3.1.12)
      activesupport (= 3.1.12)
      builder (~> 3.0.0)
      i18n (~> 0.6)
    activerecord (3.1.12)
      activemodel (= 3.1.12)
      activesupport (= 3.1.12)
      arel (~> 2.2.3)
      tzinfo (~> 0.3.29)
    activeresource (3.1.12)
      activemodel (= 3.1.12)
      activesupport (= 3.1.12)
    activesupport (3.1.12)
      multi_json (~> 1.0)
    acts-as-taggable-on (2.0.6)
    arel (2.2.3)
    authlogic (2.1.6)
      activesupport
    aws-s3 (0.6.3)
      builder
      mime-types
      xml-simple
    builder (3.0.4)
    cancan (1.4.1)
    concurrent-ruby (1.1.5)
    daemons (1.1.0)
    erubis (2.7.0)
    eventmachine (0.12.10)
    formtastic (2.3.1)
      actionpack (>= 3.0)
    haml (3.0.23)
    has_scope (0.5.0)
    hike (1.2.3)
    i18n (0.9.5)
      concurrent-ruby (~> 1.0)
    inherited_resources (1.1.2)
      has_scope (~> 0.5.0)
      responders (~> 0.6.0)
    jquery-rails (2.2.1)
      railties (>= 3.0, < 5.0)
      thor (>= 0.14, < 2.0)
    json (1.8.6)
    mail (2.4.4)
      i18n (>= 0.4.0)
      mime-types (~> 1.16)
      treetop (~> 1.4.8)
    mime-types (1.25.1)
    multi_json (1.13.1)
    permalink_fu (1.0.0)
    pg (0.18.2)
    polyglot (0.3.5)
    rack (1.3.10)
    rack-cache (1.6.1)
      rack (>= 0.4)
    rack-mount (0.8.3)
      rack (>= 1.0.0)
    rack-ssl (1.3.4)
      rack
    rack-test (0.6.3)
      rack (>= 1.0)
    rails (3.1.12)
      actionmailer (= 3.1.12)
      actionpack (= 3.1.12)
      activerecord (= 3.1.12)
      activeresource (= 3.1.12)
      activesupport (= 3.1.12)
      bundler (~> 1.0)
      railties (= 3.1.12)
    rails_12factor (0.0.3)
      rails_serve_static_assets
      rails_stdout_logging
    rails_serve_static_assets (0.0.4)
    rails_stdout_logging (0.0.4)
    railties (3.1.12)
      actionpack (= 3.1.12)
      activesupport (= 3.1.12)
      rack-ssl (~> 1.3.2)
      rake (>= 0.8.7)
      rdoc (~> 3.4)
      thor (~> 0.14.6)
    rake (0.8.7)
    rdoc (3.12.2)
      json (~> 1.4)
    recaptcha (0.4.0)
    responders (0.6.2)
    sprockets (2.0.5)
      hike (~> 1.2)
      rack (~> 1.0)
      tilt (~> 1.1, != 1.3.0)
    sqlite3-ruby (1.3.2)
    thin (1.2.7)
      daemons (>= 1.0.9)
      eventmachine (>= 0.12.6)
      rack (>= 1.0.0)
    thor (0.14.6)
    tilt (1.4.1)
    treetop (1.4.15)
      polyglot
      polyglot (>= 0.3.1)
    tzinfo (0.3.55)
    will_paginate (3.0.3)
    xml-simple (1.1.5)

PLATFORMS
  ruby

DEPENDENCIES
  acts-as-taggable-on
  authlogic
  aws-s3
  cancan
  formtastic (~> 2.0)
  haml
  inherited_resources
  jquery-rails (~> 2.1)
  paperclip!
  permalink_fu
  pg
  rack-cache (~> 1.6.0)
  rails (= 3.1.12)
  rails_12factor
  rake (= 0.8.7)
  recaptcha (~> 0.4.0)
  s3_swf_upload!
  sqlite3-ruby
  thin
  will_paginate

BUNDLED WITH
   1.11.2
